GEM
  remote: https://rubygems.org/
  specs:
    ffi (1.0.11)
    json (1.7.3)
    listen (0.4.7)
      rb-fchange (~> 0.0.5)
      rb-fsevent (~> 0.9.1)
      rb-inotify (~> 0.8.8)
    mime-types (1.18)
    multi_json (1.3.6)
    rack (1.4.1)
    rack-protection (1.2.0)
      rack
    rb-fchange (0.0.5)
      ffi
    rb-fsevent (0.9.1)
    rb-inotify (0.8.8)
      ffi (>= 0.5.0)
    redis (3.0.1)
    rerun (0.7.1)
      listen
    rest-client (1.6.1)
      mime-types (>= 1.16)
    sinatra (1.3.3)
      rack (~> 1.3, >= 1.3.6)
      rack-protection (~> 1.2)
      tilt (~> 1.3, >= 1.3.3)
    stripe (1.7.2)
      multi_json (~> 1.1)
      rest-client (~> 1.4)
    tilt (1.3.3)

PLATFORMS
  ruby

DEPENDENCIES
  json
  redis
  rerun
  rest-client
  sinatra
  stripe
